PATH
  remote: .
  specs:
    styleguides (0.1)

GEM
  remote: http://rubygems.org/
  specs:

PLATFORMS
  ruby

DEPENDENCIES
  styleguides!
